GEM
  remote: https://rubygems.org/
  specs:
    addressable (2.5.2)
      public_suffix (>= 2.0.2, < 4.0)
    mustermann (1.1.1)
      ruby2_keywords (~> 0.0.1)
    power_assert (1.1.3)
    public_suffix (3.0.3)
    rack (2.2.3)
    rack-protection (2.2.0)
      rack
    rack-test (1.1.0)
      rack (>= 1.0, < 3)
    rake (12.3.3)
    redis (4.0.3)
    ruby2_keywords (0.0.5)
    sinatra (2.2.0)
      mustermann (~> 1.0)
      rack (~> 2.2)
      rack-protection (= 2.2.0)
      tilt (~> 2.0)
    test-unit (3.2.8)
      power_assert
    tilt (2.0.10)

PLATFORMS
  ruby

DEPENDENCIES
  addressable
  rack-test
  rake
  redis
  sinatra
  test-unit

RUBY VERSION
   ruby 2.3.7p456

BUNDLED WITH
   1.17.1
